GEM
  remote: https://rubygems.org/
  specs:
    addressable (2.4.0)
    binding_of_caller (0.7.2)
      debug_inspector (>= 0.0.1)
    capybara (2.6.2)
      addressable
      mime-types (>= 1.16)
      nokogiri (>= 1.3.3)
      rack (>= 1.0.0)
      rack-test (>= 0.5.4)
      xpath (~> 2.0)
    coderay (1.1.1)
    debug_inspector (0.0.2)
    faker (1.6.3)
      i18n (~> 0.5)
    i18n (0.7.0)
    interception (0.5)
    launchy (2.4.3)
      addressable (~> 2.3)
    method_source (0.8.2)
    mime-types (3.0)
      mime-types-data (~> 3.2015)
    mime-types-data (3.2016.0221)
    mini_portile2 (2.0.0)
    minitest (5.8.4)
    mrspec (0.3.1)
      minitest (~> 5.0)
      rspec-core (~> 3.2)
      what_weve_got_here_is_an_error_to_communicate (~> 0.0.8)
    nokogiri (1.6.7.2)
      mini_portile2 (~> 2.0.0.rc2)
    pry (0.10.3)
      coderay (~> 1.1.0)
      method_source (~> 0.8.1)
      slop (~> 3.4)
    rack (1.6.4)
    rack-protection (1.5.3)
      rack
    rack-test (0.6.3)
      rack (>= 1.0)
    rouge (1.10.1)
    rspec-core (3.4.3)
      rspec-support (~> 3.4.0)
    rspec-support (3.4.1)
    sequel (4.32.0)
    shotgun (0.9.1)
      rack (>= 1.0)
    sinatra (1.4.7)
      rack (~> 1.5)
      rack-protection (~> 1.4)
      tilt (>= 1.3, < 3)
    slop (3.6.0)
    sqlite3 (1.3.11)
    tilt (2.0.2)
    webrick (1.3.1)
    what_weve_got_here_is_an_error_to_communicate (0.0.8)
      binding_of_caller (~> 0.7.2)
      interception (~> 0.5)
      rouge (~> 1.8, != 1.9.1)
    xpath (2.0.0)
      nokogiri (~> 1.3)

PLATFORMS
  ruby

DEPENDENCIES
  capybara
  faker
  launchy
  minitest
  mrspec
  pry
  sequel
  shotgun
  sinatra
  sqlite3
  webrick

BUNDLED WITH
   1.11.2
